GIT
  remote: git://github.com/erikhuda/thor.git
  revision: 23ec5baa07afa463a1714f0e4f902d487dc56330
  specs:
    thor (0.18.1)

GIT
  remote: git://github.com/libgit2/rugged.git
  revision: 9e1cc39efa098294001531f30941948ec1ac983b
  branch: development
  submodules: true
  specs:
    rugged (0.19.0)

GEM
  remote: https://rubygems.org/
  specs:
    deep_merge (1.0.0)
    diff-lcs (1.2.5)
    httparty (0.12.0)
      json (~> 1.8)
      multi_xml (>= 0.5.2)
    json (1.8.1)
    multi_xml (0.5.5)
    rspec (2.14.1)
      rspec-core (~> 2.14.0)
      rspec-expectations (~> 2.14.0)
      rspec-mocks (~> 2.14.0)
    rspec-core (2.14.7)
    rspec-expectations (2.14.4)
      diff-lcs (>= 1.1.3, < 2.0)
    rspec-mocks (2.14.4)

PLATFORMS
  ruby

DEPENDENCIES
  deep_merge
  httparty
  rspec
  rugged!
  thor!
