GIT
  remote: git://github.com/erikhuda/thor.git
  revision: d9d26adcd3ee0d5af04e41bcd6db0ea64c11766f
  specs:
    thor (0.18.1)

GEM
  remote: https://rubygems.org/
  specs:
    deep_merge (1.0.0)
    diff-lcs (1.2.5)
    fakefs (0.5.0)
    git (1.2.6)
    httparty (0.12.0)
      json (~> 1.8)
      multi_xml (>= 0.5.2)
    json (1.8.1)
    mini_portile (0.5.2)
    multi_xml (0.5.5)
    nokogiri (1.6.1)
      mini_portile (~> 0.5.0)
    outdent (0.2.0)
    rspec (2.14.1)
      rspec-core (~> 2.14.0)
      rspec-expectations (~> 2.14.0)
      rspec-mocks (~> 2.14.0)
    rspec-core (2.14.7)
    rspec-expectations (2.14.4)
      diff-lcs (>= 1.1.3, < 2.0)
    rspec-mocks (2.14.4)

PLATFORMS
  ruby

DEPENDENCIES
  deep_merge
  fakefs
  git
  httparty
  nokogiri
  outdent
  rspec
  thor!
