GIT
  remote: git://github.com/erikhuda/thor.git
  revision: 23ec5baa07afa463a1714f0e4f902d487dc56330
  specs:
    thor (0.18.1)

GEM
  remote: https://rubygems.org/
  specs:
    deep_merge (1.0.0)
    diff-lcs (1.2.5)
    grit (2.5.0)
      diff-lcs (~> 1.1)
      mime-types (~> 1.15)
      posix-spawn (~> 0.3.6)
    httparty (0.12.0)
      json (~> 1.8)
      multi_xml (>= 0.5.2)
    json (1.8.1)
    mime-types (1.25.1)
    multi_xml (0.5.5)
    outdent (0.2.0)
    posix-spawn (0.3.8)
    rspec (2.14.1)
      rspec-core (~> 2.14.0)
      rspec-expectations (~> 2.14.0)
      rspec-mocks (~> 2.14.0)
    rspec-core (2.14.7)
    rspec-expectations (2.14.4)
      diff-lcs (>= 1.1.3, < 2.0)
    rspec-mocks (2.14.4)

PLATFORMS
  ruby

DEPENDENCIES
  deep_merge
  grit
  httparty
  outdent
  rspec
  thor!
